PATH
  remote: .
  specs:
    literate-ruby (0.0.1)
      kramdown (~> 1.2.0)
      pygments.rb (~> 0.5.4)

GEM
  remote: https://rubygems.org/
  specs:
    diff-lcs (1.2.5)
    kramdown (1.2.0)
    posix-spawn (0.3.6)
    pygments.rb (0.5.4)
      posix-spawn (~> 0.3.6)
      yajl-ruby (~> 1.1.0)
    rake (10.1.0)
    rspec (2.14.1)
      rspec-core (~> 2.14.0)
      rspec-expectations (~> 2.14.0)
      rspec-mocks (~> 2.14.0)
    rspec-core (2.14.7)
    rspec-expectations (2.14.4)
      diff-lcs (>= 1.1.3, < 2.0)
    rspec-mocks (2.14.4)
    yajl-ruby (1.1.0)

PLATFORMS
  ruby

DEPENDENCIES
  literate-ruby!
  rake
  rspec (~> 2.14.1)
